PATH
  remote: /Volumes/Users/sven/Development/projects/adva-cms2
  specs:
    adva-blog (0.0.10)
      adva-core
      truncate_html
    adva-cache (0.0.10)
      adva-core
      rack-cache-purge (= 0.0.2)
      rack-cache-tags (= 0.0.6)
      reference_tracking (= 0.0.4)
    adva-categories (0.0.10)
      adva-core
    adva-cms2 (0.0.10)
      adva-blog (= 0.0.10)
      adva-cache (= 0.0.10)
      adva-categories (= 0.0.10)
      adva-core (= 0.0.10)
      adva-markup (= 0.0.10)
      adva-static (= 0.0.10)
      adva-user (= 0.0.10)
    adva-core (0.0.10)
      activesupport-slices (= 0.0.2)
      gem-patching (= 0.0.3)
      i18n (= 0.5.0)
      i18n-missing_translations (= 0.0.1)
      inherited_resources (= 1.2.2)
      inherited_resources_helpers (= 0.0.15)
      kronn-has_many_polymorphs (= 3.0.2)
      minimal (= 0.0.26)
      rails (= 3.0.9)
      rake (= 0.9.2)
      routing-filter (= 0.2.0)
      silence_log_tailer (= 0.0.1)
      simple_form (~> 1.3.0)
      simple_nested_set (~> 0.1.8)
      simple_slugs (= 0.0.8)
      simple_table (= 0.0.18)
    adva-markup (0.0.10)
      RedCloth
      adva-core
      rdiscount
    adva-static (0.0.10)
      adva-core
      hashr
      nokogiri
      rack-cache
      watchr
    adva-user (0.0.10)
      adva-core
      devise (= 1.3.4)

GEM
  remote: http://rubygems.org/
  specs:
    RedCloth (4.2.7)
    abstract (1.0.0)
    actionmailer (3.0.9)
      actionpack (= 3.0.9)
      mail (~> 2.2.19)
    actionpack (3.0.9)
      activemodel (= 3.0.9)
      activesupport (= 3.0.9)
      builder (~> 2.1.2)
      erubis (~> 2.6.6)
      i18n (~> 0.5.0)
      rack (~> 1.2.1)
      rack-mount (~> 0.6.14)
      rack-test (~> 0.5.7)
      tzinfo (~> 0.3.23)
    activemodel (3.0.9)
      activesupport (= 3.0.9)
      builder (~> 2.1.2)
      i18n (~> 0.5.0)
    activerecord (3.0.9)
      activemodel (= 3.0.9)
      activesupport (= 3.0.9)
      arel (~> 2.0.10)
      tzinfo (~> 0.3.23)
    activeresource (3.0.9)
      activemodel (= 3.0.9)
      activesupport (= 3.0.9)
    activesupport (3.0.9)
    activesupport-slices (0.0.2)
    arel (2.0.10)
    bcrypt-ruby (2.1.4)
    builder (2.1.2)
    devise (1.3.4)
      bcrypt-ruby (~> 2.1.2)
      orm_adapter (~> 0.0.3)
      warden (~> 1.0.3)
    erubis (2.6.6)
      abstract (>= 1.0.0)
    gem-patching (0.0.3)
    gem_patching (0.0.2)
    has_scope (0.5.0)
    hashr (0.0.9)
    i18n (0.5.0)
    i18n-missing_translations (0.0.1)
    inherited_resources (1.2.2)
      has_scope (~> 0.5.0)
      responders (~> 0.6.0)
    inherited_resources_helpers (0.0.15)
    kronn-has_many_polymorphs (3.0.2)
      activerecord
    mail (2.2.19)
      activesupport (>= 2.3.6)
      i18n (>= 0.4.0)
      mime-types (~> 1.16)
      treetop (~> 1.4.8)
    mime-types (1.16)
    minimal (0.0.26)
      actionpack (>= 3.0.0)
      activesupport (>= 3.0.0)
    nokogiri (1.5.0)
    orm_adapter (0.0.5)
    polyglot (0.3.2)
    rack (1.2.3)
    rack-cache (0.5.3)
      rack (>= 0.4)
    rack-cache-purge (0.0.2)
      rack-cache (~> 0.5)
    rack-cache-tags (0.0.6)
    rack-mount (0.6.14)
      rack (>= 1.0.0)
    rack-test (0.5.7)
      rack (>= 1.0)
    rails (3.0.9)
      actionmailer (= 3.0.9)
      actionpack (= 3.0.9)
      activerecord (= 3.0.9)
      activeresource (= 3.0.9)
      activesupport (= 3.0.9)
      bundler (~> 1.0)
      railties (= 3.0.9)
    railties (3.0.9)
      actionpack (= 3.0.9)
      activesupport (= 3.0.9)
      rake (>= 0.8.7)
      rdoc (~> 3.4)
      thor (~> 0.14.4)
    rake (0.9.2)
    rdiscount (1.6.8)
    rdoc (3.8)
    reference_tracking (0.0.4)
    responders (0.6.4)
    routing-filter (0.2.0)
      actionpack
    silence_log_tailer (0.0.1)
    simple_form (1.3.1)
    simple_nested_set (0.1.8)
      activerecord (~> 3.0.3)
      gem_patching
    simple_slugs (0.0.8)
      activerecord (~> 3.0.3)
      i18n
    simple_table (0.0.18)
      actionpack (~> 3.0.0)
      activerecord (~> 3.0.0)
      activesupport (~> 3.0.0)
    thor (0.14.6)
    treetop (1.4.10)
      polyglot
      polyglot (>= 0.3.1)
    truncate_html (0.5.1)
    tzinfo (0.3.29)
    warden (1.0.5)
      rack (>= 1.0)
    watchr (0.7)

PLATFORMS
  ruby

DEPENDENCIES
  adva-cms2!
