PATH
  remote: /Volumes/Users/sven/Development/projects/adva-cms2/adva-blog
  specs:
    adva-blog (0.0.10)
      adva-core
      truncate_html

PATH
  remote: /Volumes/Users/sven/Development/projects/adva-cms2/adva-categories
  specs:
    adva-categories (0.0.10)
      adva-core

PATH
  remote: /Volumes/Users/sven/Development/projects/adva-cms2/adva-core
  specs:
    adva-core (0.0.10)
      activesupport-slices (= 0.0.2)
      gem-patching (= 0.0.3)
      i18n (= 0.5.0)
      i18n-missing_translations (= 0.0.1)
      inherited_resources (= 1.2.2)
      inherited_resources_helpers (= 0.0.15)
      kronn-has_many_polymorphs (= 3.0.2)
      minimal (= 0.0.26)
      rails (= 3.0.9)
      rake (= 0.9.2)
      routing-filter (= 0.2.0)
      silence_log_tailer (= 0.0.1)
      simple_form (~> 1.3.0)
      simple_nested_set (~> 0.1.8)
      simple_slugs (= 0.0.8)
      simple_table (= 0.0.18)

PATH
  remote: /Volumes/Users/sven/Development/projects/adva-cms2/adva-markup
  specs:
    adva-markup (0.0.10)
      RedCloth
      adva-core
      rdiscount

PATH
  remote: /Volumes/Users/sven/Development/projects/adva-cms2/adva-static
  specs:
    adva-static (0.0.10)
      adva-core
      hashr
      nokogiri
      rack-cache
      watchr

PATH
  remote: /Volumes/Users/sven/Development/projects/adva-cms2/adva-user
  specs:
    adva-user (0.0.10)
      adva-core
      devise (= 1.3.4)

GEM
  remote: http://rubygems.org/
  specs:
    RedCloth (4.2.7)
    abstract (1.0.0)
    actionmailer (3.0.9)
      actionpack (= 3.0.9)
      mail (~> 2.2.19)
    actionpack (3.0.9)
      activemodel (= 3.0.9)
      activesupport (= 3.0.9)
      builder (~> 2.1.2)
      erubis (~> 2.6.6)
      i18n (~> 0.5.0)
      rack (~> 1.2.1)
      rack-mount (~> 0.6.14)
      rack-test (~> 0.5.7)
      tzinfo (~> 0.3.23)
    activemodel (3.0.9)
      activesupport (= 3.0.9)
      builder (~> 2.1.2)
      i18n (~> 0.5.0)
    activerecord (3.0.9)
      activemodel (= 3.0.9)
      activesupport (= 3.0.9)
      arel (~> 2.0.10)
      tzinfo (~> 0.3.23)
    activeresource (3.0.9)
      activemodel (= 3.0.9)
      activesupport (= 3.0.9)
    activesupport (3.0.9)
    activesupport-slices (0.0.2)
    arel (2.0.10)
    bcrypt-ruby (2.1.4)
    builder (2.1.2)
    capybara (1.0.0)
      mime-types (>= 1.16)
      nokogiri (>= 1.3.3)
      rack (>= 1.0.0)
      rack-test (>= 0.5.4)
      selenium-webdriver (~> 0.2.0)
      xpath (~> 0.1.4)
    childprocess (0.2.0)
      ffi (~> 1.0.6)
    columnize (0.3.4)
    cucumber (1.0.2)
      builder (>= 2.1.2)
      diff-lcs (>= 1.1.2)
      gherkin (~> 2.4.5)
      json (>= 1.4.6)
      term-ansicolor (>= 1.0.5)
    cucumber-rails (1.0.2)
      capybara (>= 1.0.0)
      cucumber (~> 1.0.0)
      nokogiri (>= 1.4.6)
    database_cleaner (0.6.7)
    devise (1.3.4)
      bcrypt-ruby (~> 2.1.2)
      orm_adapter (~> 0.0.3)
      warden (~> 1.0.3)
    diff-lcs (1.1.2)
    erubis (2.6.6)
      abstract (>= 1.0.0)
    fakefs (0.3.2)
    ffi (1.0.9)
    gem-patching (0.0.3)
    gem_patching (0.0.2)
    gherkin (2.4.5)
      json (>= 1.4.6)
    has_scope (0.5.0)
    hashr (0.0.9)
    i18n (0.5.0)
    i18n-missing_translations (0.0.1)
    inherited_resources (1.2.2)
      has_scope (~> 0.5.0)
      responders (~> 0.6.0)
    inherited_resources_helpers (0.0.15)
    json (1.5.3)
    json_pure (1.5.3)
    kronn-has_many_polymorphs (3.0.2)
      activerecord
    linecache (0.46)
      rbx-require-relative (> 0.0.4)
    mail (2.2.19)
      activesupport (>= 2.3.6)
      i18n (>= 0.4.0)
      mime-types (~> 1.16)
      treetop (~> 1.4.8)
    mime-types (1.16)
    minimal (0.0.26)
      actionpack (>= 3.0.0)
      activesupport (>= 3.0.0)
    mocha (0.9.12)
    nokogiri (1.5.0)
    orm_adapter (0.0.5)
    polyglot (0.3.1)
    rack (1.2.3)
    rack-cache (1.0.2)
      rack (>= 0.4)
    rack-mount (0.6.14)
      rack (>= 1.0.0)
    rack-test (0.5.7)
      rack (>= 1.0)
    rails (3.0.9)
      actionmailer (= 3.0.9)
      actionpack (= 3.0.9)
      activerecord (= 3.0.9)
      activeresource (= 3.0.9)
      activesupport (= 3.0.9)
      bundler (~> 1.0)
      railties (= 3.0.9)
    railties (3.0.9)
      actionpack (= 3.0.9)
      activesupport (= 3.0.9)
      rake (>= 0.8.7)
      rdoc (~> 3.4)
      thor (~> 0.14.4)
    rake (0.9.2)
    rbx-require-relative (0.0.5)
    rdiscount (1.6.8)
    rdoc (3.8)
    responders (0.6.4)
    routing-filter (0.2.0)
      actionpack
    ruby-debug (0.10.4)
      columnize (>= 0.1)
      ruby-debug-base (~> 0.10.4.0)
    ruby-debug-base (0.10.4)
      linecache (>= 0.3)
    rubyzip (0.9.4)
    selenium-webdriver (0.2.2)
      childprocess (>= 0.1.9)
      ffi (>= 1.0.7)
      json_pure
      rubyzip
    silence_log_tailer (0.0.1)
    simple_form (1.3.1)
    simple_nested_set (0.1.8)
      activerecord (~> 3.0.3)
      gem_patching
    simple_slugs (0.0.8)
      activerecord (~> 3.0.3)
      i18n
    simple_table (0.0.18)
      actionpack (~> 3.0.0)
      activerecord (~> 3.0.0)
      activesupport (~> 3.0.0)
    sqlite3-ruby (1.2.5)
    term-ansicolor (1.0.6)
    test_declarative (0.0.5)
    thor (0.14.6)
    tidy_ffi (0.1.3)
      ffi (>= 0.3.5)
    treetop (1.4.9)
      polyglot (>= 0.3.1)
    truncate_html (0.5.1)
    tzinfo (0.3.29)
    warden (1.0.4)
      rack (>= 1.0)
    watchr (0.7)
    webrat (0.7.0)
      nokogiri (>= 1.2.0)
      rack (>= 1.0)
      rack-test (>= 0.5.3)
    xpath (0.1.4)
      nokogiri (~> 1.3)

PLATFORMS
  ruby

DEPENDENCIES
  adva-blog!
  adva-categories!
  adva-core!
  adva-markup!
  adva-static!
  adva-user!
  cucumber
  cucumber-rails
  database_cleaner
  fakefs
  mocha
  ruby-debug
  sqlite3-ruby (= 1.2.5)
  test_declarative
  thor
  tidy_ffi
  webrat (= 0.7.0)
